GEM
  remote: https://rubygems.org/
  specs:
    american_date (1.1.1)
    sqlite3 (1.4.2)

PLATFORMS
  x86_64-linux

DEPENDENCIES
  american_date
  sqlite3

BUNDLED WITH
   2.2.16
